GEM
  remote: https://rubygems.org/
  specs:
    activemodel (4.2.3)
      activesupport (= 4.2.3)
      builder (~> 3.1)
    activesupport (4.2.3)
      i18n (~> 0.7)
      json (~> 1.7, >= 1.7.7)
      minitest (~> 5.1)
      thread_safe (~> 0.3, >= 0.3.4)
      tzinfo (~> 1.1)
    backports (3.6.6)
    base32 (0.3.2)
    builder (3.2.2)
    digest-crc (0.4.1)
    domain_name (0.5.24)
      unf (>= 0.0.5, < 1.0.0)
    faraday (0.9.1)
      multipart-post (>= 1.2, < 3)
    faraday_middleware (0.10.0)
      faraday (>= 0.7.4, < 0.10)
    ffi (1.9.10)
    http-cookie (1.0.2)
      domain_name (~> 0.5)
    i18n (0.7.0)
    json (1.8.3)
    mime-types (2.6.1)
    minitest (5.8.0)
    multipart-post (2.0.0)
    netrc (0.10.3)
    rbnacl (3.2.0)
      ffi
    rbnacl-libsodium (1.0.3)
      rbnacl (~> 3.0, >= 3.0.1)
    rest-client (1.8.0)
      http-cookie (>= 1.0.2, < 2.0)
      mime-types (>= 1.16, < 3.0)
      netrc (~> 0.7)
    sqlite3 (1.3.10)
    stellar-base (0.1.4)
      activesupport (~> 4)
      base32
      digest-crc
      rbnacl
      rbnacl-libsodium (~> 1.0.3)
      xdr (>= 0.0.4)
    thread_safe (0.3.5)
    tzinfo (1.2.2)
      thread_safe (~> 0.1)
    unf (0.1.4)
      unf_ext
    unf_ext (0.0.7.1)
    xdr (0.1.0)
      activemodel (~> 4)
      activesupport (~> 4)
      backports (~> 3.6)

PLATFORMS
  ruby

DEPENDENCIES
  faraday
  faraday_middleware
  json
  rest-client
  sqlite3
  stellar-base

BUNDLED WITH
   1.10.6
